PATH
  remote: .
  specs:
    backup-github (1.0.0)
      grit (~> 2.4.1)
      json (~> 1.6.4)
      octokit (~> 0.6.5)
      trollop (~> 1.16.2)

GEM
  remote: http://rubygems.org/
  specs:
    addressable (2.2.6)
    diff-lcs (1.1.3)
    faraday (0.7.6)
      addressable (~> 2.2)
      multipart-post (~> 1.1)
      rack (~> 1.1)
    faraday_middleware (0.7.0)
      faraday (~> 0.7.3)
    git (1.2.5)
    grit (2.4.1)
      diff-lcs (~> 1.1)
      mime-types (~> 1.15)
    hashie (1.2.0)
    jeweler (1.8.3)
      bundler (~> 1.0)
      git (>= 1.2.5)
      rake
      rdoc
    json (1.6.5)
    metaclass (0.0.1)
    mime-types (1.17.2)
    mocha (0.10.3)
      metaclass (~> 0.0.1)
    multi_json (1.0.4)
    multipart-post (1.1.4)
    octokit (0.6.5)
      addressable (~> 2.2.6)
      faraday (~> 0.7.4)
      faraday_middleware (~> 0.7.0)
      hashie (~> 1.2.0)
      multi_json (~> 1.0.2)
    rack (1.4.1)
    rake (0.9.2.2)
    rdoc (3.12)
      json (~> 1.4)
    rspec (2.8.0)
      rspec-core (~> 2.8.0)
      rspec-expectations (~> 2.8.0)
      rspec-mocks (~> 2.8.0)
    rspec-core (2.8.0)
    rspec-expectations (2.8.0)
      diff-lcs (~> 1.1.2)
    rspec-mocks (2.8.0)
    trollop (1.16.2)

PLATFORMS
  ruby

DEPENDENCIES
  backup-github!
  bundler (~> 1.0.0)
  grit (~> 2.4.1)
  jeweler (~> 1.8.3)
  json (~> 1.6.4)
  mocha (~> 0.10.3)
  octokit (~> 0.6.5)
  rdoc (~> 3.12)
  rspec (~> 2.8.0)
  trollop (~> 1.16.2)
